GIT
  remote: https://github.com/utahstreetlabs/LicenseFinder.git
  revision: 8fbb501b7c2a51fb29fbe4f727341ed23c45ea6a
  specs:
    license_finder (0.3.0)

PATH
  remote: ../active_shipping
  specs:
    active_shipping (0.9.13)
      active_utils (>= 1.0.1)
      activesupport (>= 2.3.5)
      builder
      i18n

PATH
  remote: ../activevalidators
  specs:
    activevalidators (1.9.0)
      activemodel (>= 3.0.0)
      date_validator
      mail
      rake (>= 0.8.7)

PATH
  remote: ../anchor/client
  specs:
    anchor (1.4.0)
      ladon (>= 4.1.2)

PATH
  remote: ../balanced-ruby
  specs:
    balanced (0.3.11.copious.1)
      faraday (~> 0.8)
      faraday_middleware (~> 0.8)

PATH
  remote: ../bootstrap-slider-rails
  specs:
    bootstrap-slider-rails (2.0.0.2)
      railties (>= 3.1.0)

PATH
  remote: ../carrierwave
  specs:
    carrierwave (0.5.8.copious.2)
      activesupport (~> 3.0)

PATH
  remote: ../flyingdog/client
  specs:
    flyingdog (3.0.0)
      ladon (~> 4.0)

PATH
  remote: ../instagram-ruby-gem
  specs:
    instagram (0.8.5.copious)
      faraday (>= 0.7, < 0.9)
      faraday_middleware (~> 0.8)
      hashie (>= 0.4.0)
      multi_json (~> 1.0, >= 1.0.3)

PATH
  remote: ../ladon
  specs:
    ladon (4.3.0)
      activemodel (>= 3.1.0)
      airbrake
      log_weasel (~> 0.1.0)
      resque
      resque-retry
      resque-unique-job
      typhoeus (~> 0.2.4.2.copious)
      yajl-ruby

PATH
  remote: ../lagunitas/client
  specs:
    lagunitas (2.7.0)
      ladon (>= 4.1.2)

PATH
  remote: ../log_weasel
  specs:
    log_weasel (0.1.0)
      activesupport

PATH
  remote: ../mogli
  specs:
    mogli (0.0.36.6.copious)
      hashie (>= 1.1.0)
      httmultiparty (>= 0.3.6)
      httparty (>= 0.4.3)
      multi_json (~> 1.0.3)

PATH
  remote: ../pyramid
  specs:
    pyramid (2.0.0)
      ladon

PATH
  remote: ../rack-multipart_related
  specs:
    rack-multipart_related (0.2.0.copious.1)
      json (>= 1.0)
      rack (>= 1.0)

PATH
  remote: ../rack-oauth2
  specs:
    rack-oauth2 (0.14.4.copious.1)
      activesupport (>= 2.3)
      attr_required (>= 0.0.5)
      httpclient (>= 2.2.0.2)
      i18n
      json (>= 1.4.3)
      rack (>= 1.1)

PATH
  remote: ../redhook/client
  specs:
    redhook (2.0.0)
      ladon (~> 4.0)

PATH
  remote: ../risingtide/client
  specs:
    risingtide (0.7.0)
      kaminari (~> 0.13.0)
      ladon
      redis (~> 3.0.0)
      thrift
      thrift_client
      yajl-ruby

PATH
  remote: ../rubicon/client
  specs:
    rubicon (1.7.0)
      activesupport (~> 3.1.11)
      builder (= 3.0.4)
      faraday
      flyingdog (>= 1.0.0)
      instagram (= 0.8.5.copious)
      ladon (~> 4.0)
      mogli (= 0.0.36.6.copious)
      redhook (>= 1.0.0)
      tumblife (= 0.3.1)
      twitter (= 2.2.0)
      typhoeus (>= 0.2.4.2.copious)

PATH
  remote: ../stamps
  specs:
    stamps (0.2.0.copious.7)
      hashie (>= 1.2.0)
      json (>= 1.5.1)
      multi_json (~> 1.0)
      savon (~> 1.1.0)

PATH
  remote: ../vanity
  specs:
    vanity (1.8.0.copious.1)
      redis (~> 3.0)
      redis-namespace (~> 1.0)

GEM
  remote: https://gems.gemfury.com/pQkVXTcjthG3Ap1iMtTR/
  remote: https://rubygems.org/
  specs:
    SyslogLogger (2.0)
    actionmailer (3.1.12)
      actionpack (= 3.1.12)
      mail (~> 2.4.4)
    actionpack (3.1.12)
      activemodel (= 3.1.12)
      activesupport (= 3.1.12)
      builder (~> 3.0.0)
      erubis (~> 2.7.0)
      i18n (~> 0.6)
      rack (~> 1.3.6)
      rack-cache (~> 1.2)
      rack-mount (~> 0.8.2)
      rack-test (~> 0.6.1)
      sprockets (~> 2.0.4)
    active_utils (1.0.1)
      activesupport (>= 2.3.11)
      i18n
    activemerchant (1.20.0)
      active_utils (>= 1.0.1)
      activesupport (>= 2.3.11)
      braintree (>= 2.0.0)
      builder (>= 2.0.0)
      i18n
      json (>= 1.5.1)
      money (<= 3.7.1)
    activemodel (3.1.12)
      activesupport (= 3.1.12)
      builder (~> 3.0.0)
      i18n (~> 0.6)
    activerecord (3.1.12)
      activemodel (= 3.1.12)
      activesupport (= 3.1.12)
      arel (~> 2.2.3)
      tzinfo (~> 0.3.29)
    activeresource (3.1.12)
      activemodel (= 3.1.12)
      activesupport (= 3.1.12)
    activesupport (3.1.12)
      multi_json (~> 1.0)
    acts_as_list (0.1.8)
    addressable (2.2.8)
    airbrake (3.1.2)
      activesupport
      builder
    akami (1.2.0)
      gyoku (>= 0.4.0)
      nokogiri (>= 1.4.0)
    arel (2.2.3)
    asset_sync (0.5.0)
      activemodel
      fog
    attr_required (0.0.5)
    attribute_normalizer (1.1.0)
    awesome_print (1.1.0)
    backbone-rails (0.9.2)
      rails (>= 3.0.0)
    bartt-ssl_requirement (1.3.1)
    bcrypt-ruby (3.0.1)
    bootstrap-datepicker-rails (0.6.16)
      railties (>= 3.0)
    bootstrap-sass (2.3.0.0)
      sass (~> 3.2)
    braintree (2.13.1)
      builder (>= 2.0.0)
    bson (1.6.1)
    bson_ext (1.6.1)
      bson (~> 1.6.1)
    builder (3.0.4)
    cancan (1.6.7)
    capistrano (2.9.0)
      highline
      net-scp (>= 1.0.0)
      net-sftp (>= 2.0.0)
      net-ssh (>= 2.0.14)
      net-ssh-gateway (>= 1.1.0)
    capistrano-deploytags (0.6.1)
      capistrano
      capistrano-ext
    capistrano-ext (1.2.1)
      capistrano (>= 1.0.0)
    capybara (2.0.2)
      mime-types (>= 1.16)
      nokogiri (>= 1.3.3)
      rack (>= 1.0.0)
      rack-test (>= 0.5.4)
      selenium-webdriver (~> 2.0)
      xpath (~> 1.0.0)
    carmen (1.0.0.beta2)
    carmen-rails (1.0.0.beta3)
      carmen (~> 1.0.0.beta2)
      rails
    chai-jquery-rails (0.0.3)
      railties (~> 3.1)
      sprockets
    childprocess (0.3.9)
      ffi (~> 1.0, >= 1.0.11)
    chromedriver-helper (0.0.2)
      nokogiri
    coffee-rails (3.1.1)
      coffee-script (>= 2.2.0)
      railties (~> 3.1.0)
    coffee-script (2.2.0)
      coffee-script-source
      execjs
    coffee-script-source (1.2.0)
    colorize (0.5.8)
    crack (0.3.2)
    daemons (1.1.8)
    database_cleaner (0.7.0)
    date_validator (0.7.0)
      activemodel (>= 3)
    diff-lcs (1.1.3)
    erubis (2.7.0)
    escape (0.0.4)
    eventmachine (0.12.10)
    excon (0.16.7)
    execjs (1.2.13)
      multi_json (~> 1.0)
    factory_girl (2.3.2)
      activesupport
    factory_girl_rails (1.4.0)
      factory_girl (~> 2.3.0)
      railties (>= 3.0.0)
    faraday (0.8.4)
      multipart-post (~> 1.1)
    faraday_middleware (0.9.0)
      faraday (>= 0.7.4, < 0.9)
    fattr (2.2.0)
    ffi (1.7.0)
    fog (1.7.0)
      builder
      excon (~> 0.14)
      formatador (~> 0.2.0)
      mime-types
      multi_json (~> 1.0)
      net-scp (~> 1.0.4)
      net-ssh (>= 2.1.3)
      nokogiri (~> 1.5.0)
      ruby-hmac
    foreigner (1.2.1)
      activerecord (>= 3.0.0)
    foreman (0.26.1)
      term-ansicolor (~> 1.0.5)
      thor (>= 0.13.6)
    formatador (0.2.4)
    ga_cookie_parser (0.1.0)
    growl (1.0.3)
    growl-rspec (0.0.1)
      growl
      rspec
    guard (0.8.8)
      thor (~> 0.14.6)
    guard-rspec (0.5.8)
      guard (>= 0.8.4)
    gyoku (0.4.6)
      builder (>= 2.1.2)
    haml (3.1.7)
    handlebars_assets (0.4.4)
      execjs (>= 1.2.9)
      sprockets (>= 2.0.3)
      tilt
    hashie (1.2.0)
    highline (1.6.8)
    hike (1.2.1)
    hipchat (0.4.1)
      httparty
    httmultiparty (0.3.10)
      httparty (>= 0.7.3)
      multipart-post
    httparty (0.10.0)
      multi_json (~> 1.0)
      multi_xml
    httpclient (2.3.4.1)
    httpi (1.1.1)
      rack
    i18n (0.6.4)
    jquery-rails (1.0.19)
      railties (~> 3.0)
      thor (~> 0.14)
    jsend-rails (1.0.0)
      rails (~> 3.0)
    json (1.7.7)
    json_pure (1.6.3)
    kaminari (0.13.0)
      actionpack (>= 3.0.0)
      activesupport (>= 3.0.0)
      railties (>= 3.0.0)
    konacha (2.3.0)
      actionpack (>= 3.1, < 5)
      capybara
      colorize
      railties (>= 3.1, < 5)
      sprockets
    launchy (2.0.5)
      addressable (~> 2.2.6)
    libv8 (3.3.10.4)
    mail (2.4.4)
      i18n (>= 0.4.0)
      mime-types (~> 1.16)
      treetop (~> 1.4.8)
    mailcatcher (0.5.8)
      activesupport (~> 3.0)
      eventmachine (~> 0.12)
      haml (~> 3.1)
      mail (~> 2.3)
      sinatra (~> 1.2)
      skinny (~> 0.2, >= 0.2.1)
      sqlite3 (~> 1.3)
      thin (~> 1.2)
    metaclass (0.0.1)
    mime-types (1.21)
    mocha (0.13.2)
      metaclass (~> 0.0.1)
    modernizr_rails (2.5.3)
      railties (~> 3.0)
      thor (~> 0.14)
    money (3.7.1)
      i18n (~> 0.4)
    mongo (1.6.1)
      bson (~> 1.6.1)
    multi_json (1.0.4)
    multi_xml (0.5.2)
    multipart-post (1.1.5)
    mysql2 (0.3.10)
    net-scp (1.0.4)
      net-ssh (>= 1.99.1)
    net-sftp (2.0.5)
      net-ssh (>= 2.0.9)
    net-ssh (2.6.1)
    net-ssh-gateway (1.1.0)
      net-ssh (>= 1.99.1)
    nokogiri (1.5.6)
    nori (1.1.5)
    oauth (0.4.5)
    oauth2 (0.5.2)
      faraday (~> 0.7)
      multi_json (~> 1.0)
    omniauth (1.0.3)
      hashie (~> 1.2)
      rack
    omniauth-facebook (1.2.0)
      omniauth-oauth2 (~> 1.0.0)
    omniauth-instagram (1.0.0)
      omniauth (~> 1.0)
      omniauth-oauth2 (~> 1.0)
    omniauth-oauth (1.0.1)
      oauth
      omniauth (~> 1.0)
    omniauth-oauth2 (1.0.0)
      oauth2 (~> 0.5.0)
      omniauth (~> 1.0)
    omniauth-tumblr (1.1)
      omniauth-oauth (~> 1.0)
    omniauth-twitter (0.0.9)
      omniauth-oauth (~> 1.0)
    options (2.3.0)
      fattr
    parallel (0.5.11)
    parallel_tests (0.6.16)
      parallel
    polyglot (0.3.3)
    pr_geohash (1.0.0)
    progress_bar (0.4.0)
      highline (~> 1.6.1)
      options (~> 2.3.0)
    rack (1.3.10)
    rack-cache (1.2)
      rack (>= 0.4)
    rack-mount (0.8.3)
      rack (>= 1.0.0)
    rack-protection (1.2.0)
      rack
    rack-ssl (1.3.3)
      rack
    rack-test (0.6.2)
      rack (>= 1.0)
    rails (3.1.12)
      actionmailer (= 3.1.12)
      actionpack (= 3.1.12)
      activerecord (= 3.1.12)
      activeresource (= 3.1.12)
      activesupport (= 3.1.12)
      bundler (~> 1.0)
      railties (= 3.1.12)
    rails-dev-tweaks (0.6.1)
      actionpack (~> 3.1)
      railties (~> 3.1)
    railties (3.1.12)
      actionpack (= 3.1.12)
      activesupport (= 3.1.12)
      rack-ssl (~> 1.3.2)
      rake (>= 0.8.7)
      rdoc (~> 3.4)
      thor (~> 0.14.6)
    rake (10.0.3)
    rb-fsevent (0.9.0)
    rcov (0.9.11)
    rdoc (3.12.2)
      json (~> 1.4)
    recaptcha (0.3.4)
    redis (3.0.2)
    redis-namespace (1.2.1)
      redis (~> 3.0.0)
    redis-objects (0.5.2)
      redis (>= 2.1.1)
    resque (1.23.0)
      multi_json (~> 1.0)
      redis-namespace (~> 1.0)
      sinatra (>= 0.9.2)
      vegas (~> 0.1.2)
    resque-pool (0.3.0)
      rake
      resque (~> 1.20)
      trollop (~> 1.16)
    resque-retry (0.2.2)
      rake
      resque (>= 1.8.0)
      resque-scheduler (>= 1.8.0)
    resque-scheduler (1.9.9)
      redis (>= 2.0.1)
      resque (>= 1.8.0)
      rufus-scheduler
    resque-unique-job (0.0.1)
      resque (>= 1.8.0)
    rmagick (2.13.2)
    rpx_now (0.6.24)
      json_pure
    rsolr (1.0.6)
      builder (>= 2.1.2)
    rspec (2.12.0)
      rspec-core (~> 2.12.0)
      rspec-expectations (~> 2.12.0)
      rspec-mocks (~> 2.12.0)
    rspec-core (2.12.2)
    rspec-expectations (2.12.1)
      diff-lcs (~> 1.1.3)
    rspec-mocks (2.12.2)
    rspec-rails (2.12.2)
      actionpack (>= 3.0)
      activesupport (>= 3.0)
      railties (>= 3.0)
      rspec-core (~> 2.12.0)
      rspec-expectations (~> 2.12.0)
      rspec-mocks (~> 2.12.0)
    ruby-graphviz (1.0.0)
    ruby-hmac (0.4.0)
    rubyzip (0.9.9)
    rufus-scheduler (2.0.16)
      tzinfo (>= 0.3.23)
    sass (3.2.5)
    sass-rails (3.1.7)
      actionpack (~> 3.1.0)
      railties (~> 3.1.0)
      sass (>= 3.1.10)
      tilt (~> 1.3.2)
    savon (1.1.0)
      akami (~> 1.2.0)
      builder (>= 2.1.2)
      gyoku (~> 0.4.5)
      httpi (~> 1.1.0)
      nokogiri (>= 1.4.0)
      nori (~> 1.1.0)
      wasabi (~> 2.5.0)
    seed-fu (2.1.0)
      activerecord (~> 3.1.0)
      activesupport (~> 3.1.0)
    selenium-webdriver (2.32.1)
      childprocess (>= 0.2.5)
      multi_json (~> 1.0)
      rubyzip
      websocket (~> 1.0.4)
    sendgrid (1.0.1)
      json
      json
    session_off (0.4)
      actionpack (>= 2.3)
    simple_oauth (0.2.0)
    sinatra (1.3.3)
      rack (~> 1.3, >= 1.3.6)
      rack-protection (~> 1.2)
      tilt (~> 1.3, >= 1.3.3)
    sinon-chai-rails (1.0.3)
      railties (>= 3.1)
    sinon-rails (1.4.2.1)
      railties (>= 3.1)
    skinny (0.2.1)
      eventmachine (~> 0.12)
      thin (~> 1.2)
    spork (0.9.0.rc9)
    sprockets (2.0.4)
      hike (~> 1.2)
      rack (~> 1.0)
      tilt (~> 1.1, != 1.3.0)
    sqlite3 (1.3.7)
    state_machine (1.1.0)
    sunspot (1.3.0)
      escape (~> 0.0.4)
      pr_geohash (~> 1.0)
      rsolr (~> 1.0.6)
    sunspot_rails (1.3.0)
      nokogiri
      sunspot (= 1.3.0)
    sunspot_solr (1.3.0)
      escape (~> 0.0.4)
    term-ansicolor (1.0.7)
    therubyracer (0.9.9)
      libv8 (~> 3.3.10)
    thin (1.3.1)
      daemons (>= 1.0.9)
      eventmachine (>= 0.12.6)
      rack (>= 1.0.0)
    thor (0.14.6)
    thrift (0.9.1)
    thrift_client (0.9.2)
      thrift (~> 0.9.0)
    tilt (1.3.6)
    timecop (0.3.5)
    treetop (1.4.12)
      polyglot
      polyglot (>= 0.3.1)
    trollop (1.16.2)
    tumblife (0.3.1)
      hashie
      oauth
    twitter (2.2.0)
      activesupport (>= 2.3.9, < 4)
      faraday (~> 0.7)
      multi_json (~> 1.0)
      simple_oauth (~> 0.1)
    typhoeus (0.2.4.2.copious)
      mime-types
      mime-types
    tzinfo (0.3.37)
    uglifier (1.2.1)
      execjs (>= 0.3.0)
      multi_json (>= 1.0.2)
    useragent (0.4.10)
    vegas (0.1.11)
      rack (>= 1.0.0)
    viva-app_config (1.2.0)
    wasabi (2.5.1)
      httpi (~> 1.0)
      nokogiri (>= 1.4.0)
    webmock (1.7.8)
      addressable (~> 2.2, > 2.2.5)
      crack (>= 0.1.7)
    websocket (1.0.7)
    weighted_randomizer (0.1.2)
    xpath (1.0.0)
      nokogiri (~> 1.3)
    xray-rails (0.1.4)
      coffee-rails
      rails (>= 3.1.0)
    yajl-ruby (1.1.0)

PLATFORMS
  ruby

DEPENDENCIES
  SyslogLogger (~> 2.0)
  active_shipping!
  activemerchant
  activevalidators!
  acts_as_list (>= 0.1.8)
  airbrake
  anchor!
  asset_sync
  attribute_normalizer (>= 1.1.0)
  awesome_print
  backbone-rails
  balanced!
  bartt-ssl_requirement
  bcrypt-ruby
  bootstrap-datepicker-rails
  bootstrap-sass (= 2.3.0.0)
  bootstrap-slider-rails!
  bson_ext
  cancan
  capistrano
  capistrano-deploytags
  capistrano-ext
  capybara
  carmen (= 1.0.0.beta2)
  carmen-rails
  carrierwave!
  chai-jquery-rails
  chromedriver-helper
  coffee-rails (~> 3.1.0)
  crack (~> 0.3.2)
  database_cleaner
  factory_girl_rails
  faraday (~> 0.8.4)
  faraday_middleware (~> 0.9.0)
  flyingdog!
  fog
  foreigner (= 1.2.1)
  foreman (= 0.26.1)
  ga_cookie_parser
  growl
  growl-rspec
  guard
  guard-rspec
  handlebars_assets
  hipchat
  httparty (~> 0.10.0)
  instagram!
  jquery-rails
  jsend-rails (~> 1.0.0)
  kaminari
  konacha
  ladon!
  lagunitas!
  launchy
  license_finder!
  log_weasel!
  mailcatcher
  mime-types
  mocha (~> 0.13.2)
  modernizr_rails
  mogli!
  mongo
  multi_json (~> 1.0.4)
  mysql2
  omniauth-facebook
  omniauth-instagram
  omniauth-tumblr (~> 1.1)
  omniauth-twitter
  parallel_tests
  progress_bar
  pyramid!
  rack (~> 1.3.10)
  rack-multipart_related!
  rack-oauth2!
  rails (= 3.1.12)
  rails-dev-tweaks (~> 0.6.1)
  rb-fsevent
  rcov
  recaptcha
  redhook!
  redis-objects
  resque (~> 1.23)
  resque-pool
  resque-retry
  resque-scheduler
  risingtide!
  rmagick
  rpx_now
  rspec-rails (~> 2.12.2)
  rubicon!
  ruby-graphviz
  sass (~> 3.2.0)
  sass-rails (~> 3.1.0)
  seed-fu
  selenium-webdriver (~> 2.32.0)
  sendgrid
  session_off
  sinon-chai-rails
  sinon-rails
  spork (= 0.9.0.rc9)
  stamps!
  state_machine
  sunspot_rails (= 1.3.0)
  sunspot_solr (= 1.3.0)
  therubyracer
  thin
  thor
  timecop
  typhoeus (= 0.2.4.2.copious)
  uglifier
  useragent
  vanity!
  viva-app_config
  webmock
  weighted_randomizer
  xray-rails
